PATH
  remote: .
  specs:
    minitest-random_failures (0.1.0)
      minitest (> 5.0.3)

GEM
  remote: https://rubygems.org/
  specs:
    byebug (11.1.1)
    coderay (1.1.2)
    method_source (0.9.2)
    minitest (5.14.0)
    pry (0.12.2)
      coderay (~> 1.1.0)
      method_source (~> 0.9.0)
    pry-byebug (3.8.0)
      byebug (~> 11.0)
      pry (~> 0.10)
    rake (12.3.3)

PLATFORMS
  ruby

DEPENDENCIES
  minitest (~> 5.0)
  minitest-random_failures!
  pry-byebug
  rake (~> 12.3)

BUNDLED WITH
   2.1.4
